GIT
  remote: https://github.com/instructure/ims-lti.git
  revision: 5f9f9c4d86386d462b424d20f1292fb87db85de2
  specs:
    ims-lti (1.1.4)
      builder
      oauth (~> 0.4.5)
      uuid

GEM
  remote: https://rubygems.org/
  specs:
    builder (3.2.2)
    macaddr (1.6.1)
      systemu (~> 2.5.0)
    oauth (0.4.7)
    posix-spawn (0.3.6)
    pygments.rb (0.5.0)
      posix-spawn (~> 0.3.6)
      yajl-ruby (~> 1.1.0)
    rack (1.5.2)
    rack-protection (1.5.0)
      rack
    shotgun (0.9)
      rack (>= 1.0)
    sinatra (1.3.5)
      rack (~> 1.4)
      rack-protection (~> 1.3)
      tilt (~> 1.3, >= 1.3.3)
    systemu (2.5.2)
    tilt (1.3.5)
    uuid (2.3.7)
      macaddr (~> 1.0)
    yajl-ruby (1.1.0)

PLATFORMS
  ruby

DEPENDENCIES
  ims-lti!
  pygments.rb
  shotgun
  sinatra
