GIT
  remote: https://github.com/instructure/ims-lti.git
  revision: cdf750bcd4905c26b53000d3376ad1aabfcbbf1e
  specs:
    ims-lti (2.2.2)
      addressable (~> 2.5, >= 2.5.1)
      builder (~> 3.2)
      faraday (~> 0.8)
      faraday_middleware (~> 0.8)
      json-jwt (~> 1.7)
      simple_oauth (= 0.2)

GEM
  remote: https://rubygems.org/
  specs:
    activesupport (4.2.10)
      i18n (~> 0.7)
      minitest (~> 5.1)
      thread_safe (~> 0.3, >= 0.3.4)
      tzinfo (~> 1.1)
    addressable (2.5.2)
      public_suffix (>= 2.0.2, < 4.0)
    bindata (2.4.1)
    builder (3.2.3)
    concurrent-ruby (1.0.5)
    faraday (0.13.1)
      multipart-post (>= 1.2, < 3)
    faraday_middleware (0.12.2)
      faraday (>= 0.7.4, < 1.0)
    i18n (0.9.1)
      concurrent-ruby (~> 1.0)
    json-jwt (1.8.0)
      activesupport
      bindata
      securecompare
      url_safe_base64
    minitest (5.10.3)
    multi_json (1.12.2)
    multipart-post (2.0.0)
    public_suffix (3.0.1)
    pygments.rb (1.2.0)
      multi_json (>= 1.0.0)
    rack (1.6.8)
    rack-protection (1.5.3)
      rack
    securecompare (1.0.0)
    shotgun (0.9.2)
      rack (>= 1.0)
    simple_oauth (0.2.0)
    sinatra (1.4.8)
      rack (~> 1.5)
      rack-protection (~> 1.4)
      tilt (>= 1.3, < 3)
    thread_safe (0.3.6)
    tilt (2.0.8)
    tzinfo (1.2.4)
      thread_safe (~> 0.1)
    url_safe_base64 (0.2.2)

PLATFORMS
  ruby

DEPENDENCIES
  ims-lti!
  pygments.rb
  shotgun
  sinatra

BUNDLED WITH
   1.16.0
